PATH
  remote: .
  specs:
    redis-client (0.7.1)
      connection_pool

GEM
  remote: https://rubygems.org/
  specs:
    ast (2.4.2)
    benchmark-ips (2.10.0)
    byebug (11.1.3)
    connection_pool (2.2.5)
    hiredis (0.6.3)
    hiredis (0.6.3-java)
    minitest (5.15.0)
    parallel (1.22.1)
    parser (3.1.2.1)
      ast (~> 2.4.1)
    rainbow (3.1.1)
    rake (13.0.6)
    rake-compiler (1.2.0)
      rake
    redis (4.6.0)
    regexp_parser (2.5.0)
    rexml (3.2.5)
    rubocop (1.25.1)
      parallel (~> 1.10)
      parser (>= 3.1.0.0)
      rainbow (>= 2.2.2, < 4.0)
      regexp_parser (>= 1.8, < 3.0)
      rexml
      rubocop-ast (>= 1.15.1, < 2.0)
      ruby-progressbar (~> 1.7)
      unicode-display_width (>= 1.4.0, < 3.0)
    rubocop-ast (1.17.0)
      parser (>= 3.1.1.0)
    rubocop-minitest (0.19.1)
      rubocop (>= 0.90, < 2.0)
    ruby-progressbar (1.11.0)
    stackprof (0.2.19)
    toxiproxy (2.0.1)
    unicode-display_width (2.2.0)

PLATFORMS
  ruby
  universal-java-18
  x86_64-darwin-20
  x86_64-linux

DEPENDENCIES
  benchmark-ips
  byebug
  hiredis
  minitest
  rake (~> 13.0)
  rake-compiler
  redis (~> 4.6)
  redis-client!
  rubocop
  rubocop-minitest
  stackprof
  toxiproxy

BUNDLED WITH
   2.3.13
