PATH
  remote: .
  specs:
    redis-client (0.22.2)
      connection_pool

GEM
  remote: https://rubygems.org/
  specs:
    ast (2.4.2)
    benchmark-ips (2.13.0)
    connection_pool (2.4.1)
    debug (1.9.2)
      irb (~> 1.10)
      reline (>= 0.3.8)
    hiredis (0.6.3)
    hiredis (0.6.3-java)
    io-console (0.7.2)
    irb (1.14.0)
      rdoc (>= 4.0.0)
      reline (>= 0.4.2)
    json (2.7.1)
    json (2.7.1-java)
    minitest (5.25.1)
    parallel (1.24.0)
    parser (3.3.0.5)
      ast (~> 2.4.1)
      racc
    psych (5.1.2)
      stringio
    racc (1.7.3)
    racc (1.7.3-java)
    rainbow (3.1.1)
    rake (13.2.1)
    rake-compiler (1.2.7)
      rake
    rdoc (6.7.0)
      psych (>= 4.0.0)
    redis (4.6.0)
    regexp_parser (2.9.0)
    reline (0.5.9)
      io-console (~> 0.5)
    rexml (3.2.6)
    rubocop (1.50.2)
      json (~> 2.3)
      parallel (~> 1.10)
      parser (>= 3.2.0.0)
      rainbow (>= 2.2.2, < 4.0)
      regexp_parser (>= 1.8, < 3.0)
      rexml (>= 3.2.5, < 4.0)
      rubocop-ast (>= 1.28.0, < 2.0)
      ruby-progressbar (~> 1.7)
      unicode-display_width (>= 2.4.0, < 3.0)
    rubocop-ast (1.30.0)
      parser (>= 3.2.1.0)
    rubocop-minitest (0.30.0)
      rubocop (>= 1.39, < 2.0)
    ruby-progressbar (1.13.0)
    stackprof (0.2.26)
    stringio (3.1.1)
    toxiproxy (2.0.2)
    unicode-display_width (2.5.0)

PLATFORMS
  ruby
  universal-java-18
  x86_64-darwin-20
  x86_64-linux

DEPENDENCIES
  benchmark-ips
  debug
  hiredis
  minitest
  rake (~> 13.2)
  rake-compiler
  redis (~> 4.6)
  redis-client!
  rubocop
  rubocop-minitest
  stackprof
  toxiproxy

BUNDLED WITH
   2.3.13
