PATH
  remote: .
  specs:
    redis-client (0.26.1)
      connection_pool

GEM
  remote: https://rubygems.org/
  specs:
    ast (2.4.2)
    base64 (0.3.0)
    benchmark (0.4.1)
    benchmark-ips (2.14.0)
    cgi (0.5.0)
    cgi (0.5.0-java)
    connection_pool (2.5.4)
    hiredis (0.6.3)
    hiredis (0.6.3-java)
    json (2.7.6)
    json (2.7.6-java)
    megatest (0.3.0)
    parallel (1.24.0)
    parser (3.3.0.5)
      ast (~> 2.4.1)
      racc
    racc (1.7.3)
    racc (1.7.3-java)
    rainbow (3.1.1)
    rake (13.3.0)
    rake-compiler (1.3.0)
      rake
    redis (4.6.0)
    regexp_parser (2.9.0)
    rexml (3.3.9)
    rubocop (1.50.2)
      json (~> 2.3)
      parallel (~> 1.10)
      parser (>= 3.2.0.0)
      rainbow (>= 2.2.2, < 4.0)
      regexp_parser (>= 1.8, < 3.0)
      rexml (>= 3.2.5, < 4.0)
      rubocop-ast (>= 1.28.0, < 2.0)
      ruby-progressbar (~> 1.7)
      unicode-display_width (>= 2.4.0, < 3.0)
    rubocop-ast (1.30.0)
      parser (>= 3.2.1.0)
    rubocop-minitest (0.30.0)
      rubocop (>= 1.39, < 2.0)
    ruby-progressbar (1.13.0)
    stackprof (0.2.27)
    toxiproxy (2.0.2)
    unicode-display_width (2.5.0)

PLATFORMS
  ruby
  universal-java-18
  x86_64-darwin-20
  x86_64-linux

DEPENDENCIES
  base64
  benchmark
  benchmark-ips
  cgi (>= 0.5.0)
  hiredis
  megatest
  rake (~> 13.3)
  rake-compiler
  redis (~> 4.6)
  redis-client!
  rubocop
  rubocop-minitest
  stackprof
  toxiproxy

BUNDLED WITH
   2.4.22
